GEM
  remote: https://rubygems.org/
  specs:
    git-duet (0.3.0)

PLATFORMS
  ruby

DEPENDENCIES
  git-duet (~> 0.3.0)
